PATH
  remote: .
  specs:
    rover (0.1.0)

GEM
  remote: https://rubygems.org/
  specs:
    minitest (5.10.2)
    rake (10.5.0)

PLATFORMS
  ruby

DEPENDENCIES
  bundler (~> 1.15)
  rover!
  minitest (~> 5.0)
  rake (~> 10.0)

BUNDLED WITH
   1.15.1
